GEM
  remote: https://rubygems.org/
  specs:
    addressable (2.8.0)
      public_suffix (>= 2.0.2, < 5.0)
    backports (3.21.0)
    builder (3.2.4)
    byebug (8.2.5)
    capybara (3.35.3)
      addressable
      mini_mime (>= 0.1.3)
      nokogiri (~> 1.8)
      rack (>= 1.6.0)
      rack-test (>= 0.6.3)
      regexp_parser (>= 1.5, < 3.0)
      xpath (~> 3.2)
    capybara-screenshot (1.0.25)
      capybara (>= 1.0, < 4)
      launchy
    certified (1.0.0)
    childprocess (3.0.0)
    coderay (1.1.3)
    cucumber (3.1.2)
      builder (>= 2.1.2)
      cucumber-core (~> 3.2.0)
      cucumber-expressions (~> 6.0.1)
      cucumber-wire (~> 0.0.1)
      diff-lcs (~> 1.3)
      gherkin (~> 5.1.0)
      multi_json (>= 1.7.5, < 2.0)
      multi_test (>= 0.1.2)
    cucumber-core (3.2.1)
      backports (>= 3.8.0)
      cucumber-tag_expressions (~> 1.1.0)
      gherkin (~> 5.0)
    cucumber-expressions (6.0.1)
    cucumber-tag_expressions (1.1.1)
    cucumber-wire (0.0.1)
    diff-lcs (1.4.4)
    domain_name (0.5.20190701)
      unf (>= 0.0.5, < 1.0.0)
    ffi (1.15.4-x64-mingw32)
    gherkin (5.1.0)
    http-accept (1.7.0)
    http-cookie (1.0.4)
      domain_name (~> 0.5)
    json (1.8.6)
    launchy (2.5.0)
      addressable (~> 2.7)
    method_source (1.0.0)
    mime-types (3.3.1)
      mime-types-data (~> 3.2015)
    mime-types-data (3.2021.0901)
    mini_mime (1.1.1)
    multi_json (1.15.0)
    multi_test (0.1.2)
    multipart-post (2.1.1)
    multipart_body (0.2.1)
    mustermann (1.1.1)
      ruby2_keywords (~> 0.0.1)
    netrc (0.11.0)
    nokogiri (1.12.4-x64-mingw32)
      racc (~> 1.4)
    os (1.1.1)
    parallel (1.12.1)
    parallel_tests (2.19.0)
      parallel
    pry (0.14.1)
      coderay (~> 1.1)
      method_source (~> 1.0)
    public_suffix (4.0.6)
    racc (1.5.2)
    rack (2.2.3)
    rack-protection (2.1.0)
      rack
    rack-test (1.1.0)
      rack (>= 1.0, < 3)
    rake (13.0.6)
    regex (1.1.1)
    regexp_parser (2.1.1)
    report_builder (1.8)
      json (>= 1.8.1)
    rest-client (2.1.0-x64-mingw32)
      ffi (~> 1.9)
      http-accept (>= 1.7.0, < 2.0)
      http-cookie (>= 1.0.2, < 2.0)
      mime-types (>= 1.16, < 4.0)
      netrc (~> 0.8)
    rspec (3.10.0)
      rspec-core (~> 3.10.0)
      rspec-expectations (~> 3.10.0)
      rspec-mocks (~> 3.10.0)
    rspec-core (3.10.1)
      rspec-support (~> 3.10.0)
    rspec-expectations (3.10.1)
      diff-lcs (>= 1.2.0, < 2.0)
      rspec-support (~> 3.10.0)
    rspec-mocks (3.10.2)
      diff-lcs (>= 1.2.0, < 2.0)
      rspec-support (~> 3.10.0)
    rspec-support (3.10.2)
    ruby-ole (1.2.12.2)
    ruby2_keywords (0.0.5)
    rubyXL (3.4.18)
      nokogiri (>= 1.10.8)
      rubyzip (>= 1.3.0)
    ruby_http_client (3.5.2)
    rubysl-securerandom (2.0.0)
    rubyzip (2.3.2)
    selenium-webdriver (3.142.7)
      childprocess (>= 0.5, < 4.0)
      rubyzip (>= 1.2.2)
    sendgrid-ruby (6.5.1)
      ruby_http_client (~> 3.4)
    sinatra (2.1.0)
      mustermann (~> 1.0)
      rack (~> 2.2)
      rack-protection (= 2.1.0)
      tilt (~> 2.0)
    spreadsheet (1.2.9)
      ruby-ole
    tilt (2.0.10)
    unf (0.1.4)
      unf_ext
    unf_ext (0.0.8-x64-mingw32)
    unicode_utils (1.4.0)
    webdrivers (4.6.1)
      nokogiri (~> 1.6)
      rubyzip (>= 1.3.0)
      selenium-webdriver (>= 3.0, < 4.0)
    xpath (3.2.0)
      nokogiri (~> 1.8)

PLATFORMS
  x64-mingw32

DEPENDENCIES
  byebug (~> 8.2, >= 8.2.2)
  capybara (~> 3.0)
  capybara-screenshot
  certified
  cucumber (= 3.1.2)
  json (~> 1.8.6, >= 1.8.6)
  multipart-post (~> 2.0)
  multipart_body
  os
  parallel (= 1.12.1)
  parallel_tests (= 2.19.0)
  pry
  rake (~> 13.0.3)
  regex
  report_builder
  rest-client
  rspec
  rubyXL
  rubysl-securerandom (~> 2.0)
  selenium-webdriver
  sendgrid-ruby
  sinatra
  spreadsheet
  unicode_utils
  webdrivers

BUNDLED WITH
   2.2.27
